GEM
  remote: https://rubygems.org/
  specs:
    activemodel (4.0.4)
      activesupport (= 4.0.4)
      builder (~> 3.1.0)
    activesupport (4.0.4)
      i18n (~> 0.6, >= 0.6.9)
      minitest (~> 4.2)
      multi_json (~> 1.3)
      thread_safe (~> 0.1)
      tzinfo (~> 0.3.37)
    atomic (1.1.15)
    builder (3.1.4)
    i18n (0.6.9)
    json (1.8.1)
    middleware (0.1.0)
    minitest (4.7.5)
    multi_json (1.9.0)
    nobrainer (0.13.0)
      activemodel (>= 4.0.0)
      activesupport (>= 4.0.0)
      middleware (~> 0.1.0)
      rethinkdb (~> 1.11.0.1)
    puma (2.7.1)
      rack (>= 1.1, < 2.0)
    rack (1.5.2)
    rack-protection (1.5.2)
      rack
    rethinkdb (1.11.0.2)
      json
      ruby-protocol-buffers
      varint
    ruby-protocol-buffers (1.5.1)
    sinatra (1.4.4)
      rack (~> 1.4)
      rack-protection (~> 1.4)
      tilt (~> 1.3, >= 1.3.4)
    thread_safe (0.2.0)
      atomic (>= 1.1.7, < 2)
    tilt (1.4.1)
    tzinfo (0.3.39)
    varint (0.1.0)

PLATFORMS
  ruby

DEPENDENCIES
  nobrainer
  puma
  sinatra
